GEM
  remote: https://rubygems.org/
  specs:
    activesupport (3.2.3)
      i18n (~> 0.6)
      multi_json (~> 1.0)
    addressable (2.2.8)
    builder (3.0.0)
    daemons (1.1.8)
    eventmachine (0.12.10)
    heroku (2.25.0)
      launchy (>= 0.3.2)
      netrc (~> 0.7.1)
      rest-client (~> 1.6.1)
      rubyzip
    httparty (0.8.3)
      multi_json (~> 1.0)
      multi_xml
    i18n (0.6.0)
    launchy (2.1.0)
      addressable (~> 2.2.6)
    mime-types (1.18)
    multi_json (1.3.4)
    multi_xml (0.4.4)
    netrc (0.7.1)
    rabl (0.6.10)
      activesupport (>= 2.3.14)
      multi_json (~> 1.0)
    rack (1.4.1)
    rack-protection (1.2.0)
      rack
    rainbow (1.1.4)
    rest-client (1.6.7)
      mime-types (>= 1.16)
    ruby_gntp (0.3.4)
    rubyzip (0.9.8)
    service_disruption (0.1.0)
      activesupport (~> 3.2.0)
      daemons (~> 1.1.8)
      eventmachine (~> 0.12.10)
      httparty (~> 0.8.3)
      rainbow (~> 1.1.3)
      ruby_gntp (~> 0.3.4)
      thor (~> 0.14.6)
    sinatra (1.3.2)
      rack (~> 1.3, >= 1.3.6)
      rack-protection (~> 1.2)
      tilt (~> 1.3, >= 1.3.3)
    thin (1.3.1)
      daemons (>= 1.0.9)
      eventmachine (>= 0.12.6)
      rack (>= 1.0.0)
    thor (0.14.6)
    tilt (1.3.3)

PLATFORMS
  ruby

DEPENDENCIES
  activesupport
  builder
  heroku
  rabl
  service_disruption
  sinatra
  thin
